GIT
  remote: https://github.com/burnt43/ruby-lazy-const.git
  revision: 3a3a0c8cc5c19793e6c928ecbf09eda6020e1567
  specs:
    ruby-lazy-const (0.0.1)
      activesupport

GEM
  remote: https://rubygems.org/
  specs:
    activesupport (7.0.4.3)
      concurrent-ruby (~> 1.0, >= 1.0.2)
      i18n (>= 1.6, < 2)
      minitest (>= 5.1)
      tzinfo (~> 2.0)
    concurrent-ruby (1.2.2)
    i18n (1.12.0)
      concurrent-ruby (~> 1.0)
    minitest (5.18.0)
    tzinfo (2.0.6)
      concurrent-ruby (~> 1.0)

PLATFORMS
  ruby

DEPENDENCIES
  ruby-lazy-const!

BUNDLED WITH
   1.17.1
