GIT
  remote: https://github.com/burnt43/ruby-lazy-const.git
  revision: 3a3a0c8cc5c19793e6c928ecbf09eda6020e1567
  specs:
    ruby-lazy-const (0.0.1)
      activesupport

GEM
  remote: https://rubygems.org/
  specs:
    activesupport (6.0.0)
      concurrent-ruby (~> 1.0, >= 1.0.2)
      i18n (>= 0.7, < 2)
      minitest (~> 5.1)
      tzinfo (~> 1.1)
      zeitwerk (~> 2.1, >= 2.1.8)
    concurrent-ruby (1.1.5)
    i18n (1.6.0)
      concurrent-ruby (~> 1.0)
    minitest (5.12.1)
    thread_safe (0.3.6)
    tzinfo (1.2.5)
      thread_safe (~> 0.1)
    zeitwerk (2.1.10)

PLATFORMS
  ruby

DEPENDENCIES
  ruby-lazy-const!

BUNDLED WITH
   1.17.1
